GEM
  remote: http://rubygems.org/
  specs:
    activesupport (3.2.3)
      i18n (~> 0.6)
      multi_json (~> 1.0)
    httparty (0.8.3)
      multi_json (~> 1.0)
      multi_xml
    i18n (0.6.0)
    lastfm (1.5.1)
      activesupport (>= 3.0.3)
      httparty
      xml-simple
    mini_magick (3.4)
      subexec (~> 0.2.1)
    minitest (3.0.0)
    multi_json (1.3.4)
    multi_xml (0.4.4)
    subexec (0.2.2)
    xml-simple (1.1.1)

PLATFORMS
  ruby

DEPENDENCIES
  lastfm
  mini_magick
  minitest (~> 3.0.0)
